GEM
  remote: https://rubygems.org/
  specs:
    coffee-script (2.4.1)
      coffee-script-source
      execjs
    coffee-script-source (1.12.2)
    execjs (2.7.0)
    haml (5.0.1)
      temple (>= 0.8.0)
      tilt
    hashie (3.5.6)
    inflecto (0.0.2)
    oj (3.3.2)
    puma (3.9.1)
    rack (2.0.3)
    roda (2.28.0)
      rack
    temple (0.8.0)
    tilt (2.0.8)

PLATFORMS
  ruby

DEPENDENCIES
  coffee-script
  haml
  hashie
  inflecto
  oj
  puma
  roda

BUNDLED WITH
   1.15.1
