GEM
  remote: https://rubygems.org/
  specs:
    activesupport (8.0.2.1)
      base64
      benchmark (>= 0.3)
      bigdecimal
      concurrent-ruby (~> 1.0, >= 1.3.1)
      connection_pool (>= 2.2.5)
      drb
      i18n (>= 1.6, < 2)
      logger (>= 1.4.2)
      minitest (>= 5.1)
      securerandom (>= 0.3)
      tzinfo (~> 2.0, >= 2.0.5)
      uri (>= 0.13.1)
    base64 (0.3.0)
    benchmark (0.4.1)
    bigdecimal (3.2.2)
    concurrent-ruby (1.3.5)
    connection_pool (2.5.4)
    drb (2.2.3)
    fiber-storage (1.0.1)
    graphql (2.5.11)
      base64
      fiber-storage
      logger
    graphql-client (0.26.0)
      activesupport (>= 3.0)
      graphql (>= 1.13.0)
    haml (6.3.0)
      temple (>= 0.8.2)
      thor
      tilt
    hashie (5.0.0)
    i18n (1.14.7)
      concurrent-ruby (~> 1.0)
    inflecto (0.0.2)
    kramdown (2.5.1)
      rexml (>= 3.3.9)
    logger (1.7.0)
    minitest (5.25.5)
    mixpanel-ruby (2.3.0)
    nio4r (2.7.4)
    oj (3.16.11)
      bigdecimal (>= 3.0)
      ostruct (>= 0.2)
    ostruct (0.6.3)
    puma (6.6.1)
      nio4r (~> 2.0)
    rack (3.2.1)
    rackup (2.2.1)
      rack (>= 3)
    rexml (3.4.2)
    roda (3.95.0)
      rack
    securerandom (0.4.1)
    temple (0.10.4)
    thor (1.4.0)
    tilt (2.6.1)
    tzinfo (2.0.6)
      concurrent-ruby (~> 1.0)
    uri (1.0.3)

PLATFORMS
  ruby

DEPENDENCIES
  graphql-client
  haml
  hashie
  inflecto
  kramdown
  mixpanel-ruby
  oj
  puma
  rack
  rackup
  roda

BUNDLED WITH
   2.6.8
