GEM
  remote: https://rubygems.org/
  specs:
    activesupport (7.0.4.3)
      concurrent-ruby (~> 1.0, >= 1.0.2)
      i18n (>= 1.6, < 2)
      minitest (>= 5.1)
      tzinfo (~> 2.0)
    concurrent-ruby (1.2.2)
    graphql (2.0.21)
    graphql-client (0.18.0)
      activesupport (>= 3.0)
      graphql
    haml (6.1.1)
      temple (>= 0.8.2)
      thor
      tilt
    hashie (5.0.0)
    i18n (1.13.0)
      concurrent-ruby (~> 1.0)
    inflecto (0.0.2)
    kramdown (2.4.0)
      rexml
    minitest (5.18.0)
    mixpanel-ruby (2.3.0)
    nio4r (2.5.9)
    oj (3.14.3)
    puma (6.2.2)
      nio4r (~> 2.0)
    rack (2.2.7)
    rexml (3.2.5)
    roda (3.68.0)
      rack
    temple (0.10.1)
    thor (1.2.2)
    tilt (2.1.0)
    tzinfo (2.0.6)
      concurrent-ruby (~> 1.0)

PLATFORMS
  ruby

DEPENDENCIES
  graphql-client
  haml
  hashie
  inflecto
  kramdown
  mixpanel-ruby
  oj
  puma
  rack (~> 2.2)
  roda

BUNDLED WITH
   2.2.3
