GEM
  remote: https://rubygems.org/
  specs:
    activesupport (6.1.0)
      concurrent-ruby (~> 1.0, >= 1.0.2)
      i18n (>= 1.6, < 2)
      minitest (>= 5.1)
      tzinfo (~> 2.0)
      zeitwerk (~> 2.3)
    concurrent-ruby (1.1.7)
    ffi (1.14.2)
    graphql (1.11.6)
    graphql-client (0.16.0)
      activesupport (>= 3.0)
      graphql (~> 1.8)
    haml (5.2.1)
      temple (>= 0.8.0)
      tilt
    hashie (4.1.0)
    i18n (1.8.6)
      concurrent-ruby (~> 1.0)
    inflecto (0.0.2)
    kramdown (2.3.1)
      rexml
    listen (3.4.0)
      rb-fsevent (~> 0.10, >= 0.10.3)
      rb-inotify (~> 0.9, >= 0.9.10)
    minitest (5.14.2)
    mixpanel-ruby (2.2.2)
    nio4r (2.5.4)
    oj (3.10.18)
    puma (5.1.1)
      nio4r (~> 2.0)
    rack (2.2.3)
    rb-fsevent (0.10.4)
    rb-inotify (0.10.1)
      ffi (~> 1.0)
    rerun (0.13.1)
      listen (~> 3.0)
    rexml (3.2.4)
    roda (3.39.0)
      rack
    temple (0.8.2)
    tilt (2.0.10)
    tzinfo (2.0.4)
      concurrent-ruby (~> 1.0)
    zeitwerk (2.4.2)

PLATFORMS
  ruby

DEPENDENCIES
  graphql-client
  haml
  hashie
  inflecto
  kramdown
  mixpanel-ruby
  oj
  puma
  rerun
  roda

BUNDLED WITH
   2.2.3
